GEM
  remote: http://rubygems.org/
  specs:
    chunky_png (1.2.8)
    faraday (0.8.8)
      multipart-post (~> 1.2.0)
    multi_json (1.8.0)
    multipart-post (1.2.0)
    simple_oauth (0.2.0)
    twitter (4.8.1)
      faraday (~> 0.8, < 0.10)
      multi_json (~> 1.0)
      simple_oauth (~> 0.2)

PLATFORMS
  ruby
  x86-mingw32

DEPENDENCIES
  chunky_png
  twitter
